PATH
  remote: .
  specs:
    dxw-utils (0.1.1)
      rubocop (~> 0.58)
      rubocop-rspec (~> 1.29)

GEM
  remote: https://rubygems.org/
  specs:
    ast (2.4.0)
    jaro_winkler (1.5.2)
    parallel (1.17.0)
    parser (2.6.2.0)
      ast (~> 2.4.0)
    psych (3.1.0)
    rainbow (3.0.0)
    rake (13.0.1)
    rubocop (0.67.0)
      jaro_winkler (~> 1.5.1)
      parallel (~> 1.10)
      parser (>= 2.5, != 2.5.1.1)
      psych (>= 3.1.0)
      rainbow (>= 2.2.2, < 4.0)
      ruby-progressbar (~> 1.7)
      unicode-display_width (>= 1.4.0, < 1.6)
    rubocop-rspec (1.32.0)
      rubocop (>= 0.60.0)
    ruby-progressbar (1.10.0)
    unicode-display_width (1.5.0)

PLATFORMS
  ruby

DEPENDENCIES
  bundler (~> 1.16)
  dxw-utils!
  rake (~> 13.0)

BUNDLED WITH
   1.16.4
